GEM
  remote: http://rubygems.org/
  specs:
    aws-sdk (1.8.5)
      json (~> 1.4)
      nokogiri (>= 1.4.4)
      uuidtools (~> 2.1)
    classifier (1.3.3)
      fast-stemmer (>= 1.0.0)
    colorator (0.1)
    colored (1.2)
    commander (4.1.4)
      highline (~> 1.6.11)
    configure-s3-website (1.4.0)
      deep_merge (= 1.0.0)
    cssmin (1.0.3)
    deep_merge (1.0.0)
    directory_watcher (1.4.1)
    erubis (2.7.0)
    fast-stemmer (1.0.2)
    filey-diff (1.4.0)
    gsl (1.15.3)
      narray (>= 0.5.9)
    haml (4.0.3)
      tilt
    highline (1.6.19)
    hpricot (0.8.6)
    jammit (0.6.6)
      cssmin (>= 1.0.3)
      jsmin (>= 1.0.1)
    jekyll (1.1.2)
      classifier (~> 1.3)
      colorator (~> 0.1)
      commander (~> 4.1.3)
      directory_watcher (~> 1.4.1)
      kramdown (~> 1.0.2)
      liquid (~> 2.5.1)
      maruku (~> 0.5)
      pygments.rb (~> 0.5.0)
      redcarpet (~> 2.2.2)
      safe_yaml (~> 0.7.0)
    jekyll-s3 (3.2.0)
      aws-sdk (~> 1.8.5)
      configure-s3-website (~> 1)
      erubis (~> 2.7.0)
      filey-diff (~> 1)
      mime-types (= 1.19)
      simple-cloudfront-invalidator (~> 1)
    jsmin (1.0.1)
    json (1.8.0)
    kramdown (1.0.2)
    liquid (2.5.1)
    maruku (0.6.1)
      syntax (>= 1.0.0)
    mime-types (1.19)
    mini_portile (0.5.1)
    narray (0.6.0.8)
    nokogiri (1.6.0)
      mini_portile (~> 0.5.0)
    posix-spawn (0.3.6)
    pygments.rb (0.5.2)
      posix-spawn (~> 0.3.6)
      yajl-ruby (~> 1.1.0)
    redcarpet (2.2.2)
    safe_yaml (0.7.1)
    sass (3.2.10)
    simple-cloudfront-invalidator (1.0.1)
      colored (= 1.2)
    syntax (1.0.0)
    tilt (1.4.1)
    uuidtools (2.1.4)
    yajl-ruby (1.1.0)

PLATFORMS
  ruby

DEPENDENCIES
  gsl
  haml
  hpricot
  jammit
  jekyll
  jekyll-s3 (>= 0.0.7)
  sass
