GEM
  remote: http://rubygems.org/
  specs:
    POpen4 (0.1.4)
      Platform (>= 0.4.0)
      open4
    Platform (0.4.0)
    albino (1.3.3)
      posix-spawn (>= 0.3.6)
    aws-s3 (0.6.3)
      builder
      mime-types
      xml-simple
    builder (3.1.3)
    classifier (1.3.3)
      fast-stemmer (>= 1.0.0)
    colored (1.2)
    directory_watcher (1.4.1)
    fast-stemmer (1.0.1)
    haml (3.1.6)
    hpricot (0.8.6)
    jammit (0.6.5)
      yui-compressor (>= 0.9.3)
    jekyll (0.11.2)
      albino (~> 1.3)
      classifier (~> 1.3)
      directory_watcher (~> 1.1)
      kramdown (~> 0.13)
      liquid (~> 2.3)
      maruku (~> 0.5)
    jekyll-s3 (0.0.5)
      aws-s3
      simple-cloudfront-invalidator
    kramdown (0.14.0)
    liquid (2.4.1)
    maruku (0.6.1)
      syntax (>= 1.0.0)
    mime-types (1.19)
    open4 (1.3.0)
    posix-spawn (0.3.6)
    sass (3.1.18)
    simple-cloudfront-invalidator (0.0.1)
      colored (= 1.2)
    syntax (1.0.0)
    xml-simple (1.1.1)
    yui-compressor (0.9.6)
      POpen4 (>= 0.1.4)

PLATFORMS
  ruby

DEPENDENCIES
  haml
  hpricot
  jammit
  jekyll
  jekyll-s3
  sass
